GEM
  remote: https://rubygems.org/
  specs:
    ffi (1.15.5)
    ffi (1.15.5-x64-mingw-ucrt)

PLATFORMS
  x64-mingw-ucrt
  x86_64-darwin-20

DEPENDENCIES
  ffi

BUNDLED WITH
   2.3.7
